PATH
  remote: .
  specs:
    kawaii (0.1.0)
      chipmunk (>= 5.3.4.5)
      gosu (>= 0.7.43)

GEM
  remote: http://rubygems.org/
  specs:
    chipmunk (5.3.4.5)
    diff-lcs (1.1.3)
    gosu (0.7.43)
    rspec (2.11.0)
      rspec-core (~> 2.11.0)
      rspec-expectations (~> 2.11.0)
      rspec-mocks (~> 2.11.0)
    rspec-core (2.11.0)
    rspec-expectations (2.11.1)
      diff-lcs (~> 1.1.3)
    rspec-mocks (2.11.0)

PLATFORMS
  ruby

DEPENDENCIES
  kawaii!
  rspec
